GEM
  remote: https://rubygems.org/
  specs:
    rainbow (3.1.1)

PLATFORMS
  x64-mingw-ucrt

DEPENDENCIES
  rainbow (~> 3.1)

BUNDLED WITH
   2.5.14
